GEM
  remote: https://rubygems.org/
  specs:
    bindata (1.6.0)
    power_assert (2.0.1)
    rake (13.0.6)
    test-unit (3.5.3)
      power_assert

PLATFORMS
  ruby
  x64-mingw32
  x86-mingw32

DEPENDENCIES
  bindata
  rake
  test-unit

BUNDLED WITH
   2.3.3
