GEM
  remote: https://rubygems.org/
  specs:
    bindata (1.6.0)

PLATFORMS
  ruby
  x86-mingw32

DEPENDENCIES
  bindata
