GEM
  remote: https://rubygems.org/
  specs:
    bindata (1.6.0)
    libxml-ruby (2.7.0)
    libxml-ruby (2.7.0-x86-mingw32)

PLATFORMS
  java
  x86-mingw32

DEPENDENCIES
  bindata
  libxml-ruby
